GEM
  remote: https://rubygems.org/
  specs:
    activemodel (3.2.17)
      activesupport (= 3.2.17)
      builder (~> 3.0.0)
    activesupport (3.2.17)
      i18n (~> 0.6, >= 0.6.4)
      multi_json (~> 1.0)
    addressable (2.3.6)
    bson (1.10.0)
    buftok (0.2.0)
    builder (3.0.4)
    crack (0.4.2)
      safe_yaml (~> 1.0.0)
    daemons (1.1.9)
    diff-lcs (1.2.5)
    dotenv (0.10.0)
    equalizer (0.0.9)
    eventmachine (1.0.3)
    faraday (0.9.0)
      multipart-post (>= 1.2, < 3)
    http (0.5.0)
      http_parser.rb
    http_parser.rb (0.6.0)
    i18n (0.6.9)
    json (1.8.1)
    memoizable (0.4.2)
      thread_safe (~> 0.3, >= 0.3.1)
    mongo (1.10.0)
      bson (~> 1.10.0)
    mongoid (2.8.1)
      activemodel (~> 3.1)
      mongo (~> 1.9)
      tzinfo (~> 0.3.22)
    multi_json (1.9.2)
    multipart-post (2.0.0)
    naught (1.0.0)
    rack (1.5.2)
    rack-protection (1.5.3)
      rack
    rake (10.2.2)
    redis (3.0.7)
    rspec (2.14.1)
      rspec-core (~> 2.14.0)
      rspec-expectations (~> 2.14.0)
      rspec-mocks (~> 2.14.0)
    rspec-core (2.14.8)
    rspec-expectations (2.14.5)
      diff-lcs (>= 1.1.3, < 2.0)
    rspec-mocks (2.14.6)
    safe_yaml (1.0.2)
    simple_oauth (0.2.0)
    sinatra (1.4.5)
      rack (~> 1.4)
      rack-protection (~> 1.4)
      tilt (~> 1.3, >= 1.3.4)
    thin (1.6.2)
      daemons (>= 1.0.9)
      eventmachine (>= 1.0.0)
      rack (>= 1.0.0)
    thread_safe (0.3.3)
    tilt (1.4.1)
    twitter (5.8.0)
      addressable (~> 2.3)
      buftok (~> 0.2.0)
      equalizer (~> 0.0.9)
      faraday (~> 0.9.0)
      http (~> 0.5.0)
      http_parser.rb (~> 0.6.0)
      json (~> 1.8)
      memoizable (~> 0.4.0)
      naught (~> 1.0)
      simple_oauth (~> 0.2.0)
    tzinfo (0.3.39)
    vcr (2.9.0)
    webmock (1.17.4)
      addressable (>= 2.2.7)
      crack (>= 0.3.2)

PLATFORMS
  ruby

DEPENDENCIES
  activesupport
  dotenv
  mongoid (~> 2.0)
  rake
  redis
  rspec
  sinatra
  thin
  twitter
  vcr
  webmock
